GEM
  remote: https://rubygems.org/
  specs:
    daemons (1.1.9)
    diff-lcs (1.2.4)
    docile (1.1.3)
    faker (1.2.0)
      i18n (~> 0.5)
    i18n (0.6.5)
    inifile (2.0.2)
    multi_json (1.8.4)
    rake (10.1.0)
    rspec (2.14.1)
      rspec-core (~> 2.14.0)
      rspec-expectations (~> 2.14.0)
      rspec-mocks (~> 2.14.0)
    rspec-core (2.14.6)
    rspec-expectations (2.14.3)
      diff-lcs (>= 1.1.3, < 2.0)
    rspec-mocks (2.14.4)
    rufus-scheduler (3.0.1)
      tzinfo
    simplecov (0.8.2)
      docile (~> 1.1.0)
      multi_json
      simplecov-html (~> 0.8.0)
    simplecov-html (0.8.0)
    tzinfo (0.3.38)
    xmpp4r (0.5.5)

PLATFORMS
  ruby

DEPENDENCIES
  daemons
  faker
  inifile
  rake
  rspec
  rufus-scheduler
  simplecov
  xmpp4r
